GEM
  remote: http://rubygems.org/
  specs:
    akami (1.0.0)
      gyoku (>= 0.4.0)
    builder (3.0.0)
    cucumber (1.0.6)
      builder (>= 2.1.2)
      diff-lcs (>= 1.1.2)
      gherkin (~> 2.4.18)
      json (>= 1.4.6)
      term-ansicolor (>= 1.0.6)
    diff-lcs (1.1.3)
    gherkin (2.4.21)
      json (>= 1.4.6)
    gherkin (2.4.21-x86-mingw32)
      json (>= 1.4.6)
    gyoku (0.4.4)
      builder (>= 2.1.2)
    httpi (0.9.5)
      rack
    json (1.6.1)
    nokogiri (1.5.0)
    nokogiri (1.5.0-x86-mingw32)
    nori (1.0.2)
    rack (1.3.5)
    rake (0.9.2)
    rspec (2.7.0)
      rspec-core (~> 2.7.0)
      rspec-expectations (~> 2.7.0)
      rspec-mocks (~> 2.7.0)
    rspec-core (2.7.1)
    rspec-expectations (2.7.0)
      diff-lcs (~> 1.1.2)
    rspec-mocks (2.7.0)
    savon (0.9.7)
      akami (~> 1.0)
      builder (>= 2.1.2)
      gyoku (>= 0.4.0)
      httpi (~> 0.9)
      nokogiri (>= 1.4.0)
      nori (~> 1.0)
      wasabi (~> 2.0)
    term-ansicolor (1.0.6)
    wasabi (2.0.0)
      nokogiri (>= 1.4.0)

PLATFORMS
  ruby
  x86-mingw32

DEPENDENCIES
  cucumber
  rake
  rspec
  savon
